PATH
  remote: .
  specs:
    ec2_deployment_selector (0.2.0)
      aws-sdk-ec2
      colorize
      terminal-table

GEM
  remote: https://rubygems.org/
  specs:
    aws-eventstream (1.3.2)
    aws-partitions (1.1109.0)
    aws-sdk-core (3.224.1)
      aws-eventstream (~> 1, >= 1.3.0)
      aws-partitions (~> 1, >= 1.992.0)
      aws-sigv4 (~> 1.9)
      base64
      jmespath (~> 1, >= 1.6.1)
      logger
    aws-sdk-ec2 (1.529.0)
      aws-sdk-core (~> 3, >= 3.216.0)
      aws-sigv4 (~> 1.5)
    aws-sigv4 (1.11.0)
      aws-eventstream (~> 1, >= 1.0.2)
    base64 (0.3.0)
    byebug (11.1.3)
    colorize (1.1.0)
    diff-lcs (1.6.2)
    jmespath (1.6.2)
    logger (1.7.0)
    rake (12.3.3)
    rspec (3.13.1)
      rspec-core (~> 3.13.0)
      rspec-expectations (~> 3.13.0)
      rspec-mocks (~> 3.13.0)
    rspec-core (3.13.5)
      rspec-support (~> 3.13.0)
    rspec-expectations (3.13.5)
      diff-lcs (>= 1.2.0, < 2.0)
      rspec-support (~> 3.13.0)
    rspec-mocks (3.13.5)
      diff-lcs (>= 1.2.0, < 2.0)
      rspec-support (~> 3.13.0)
    rspec-support (3.13.4)
    terminal-table (4.0.0)
      unicode-display_width (>= 1.1.1, < 4)
    unicode-display_width (2.6.0)

PLATFORMS
  ruby
  x64-mingw32

DEPENDENCIES
  byebug
  ec2_deployment_selector!
  rake (~> 12.0)
  rspec (~> 3.0)

BUNDLED WITH
   2.1.4
